GEM
  remote: https://rubygems.org/
  specs:
    colorize (0.8.1)
    ruby2d (0.9.2)

PLATFORMS
  ruby

DEPENDENCIES
  colorize
  ruby2d

BUNDLED WITH
   2.0.1
